GEM
  remote: https://rubygems.org/
  specs:
    debug (1.7.1)
      irb (>= 1.5.0)
      reline (>= 0.3.1)
    io-console (0.6.0)
    irb (1.6.2)
      reline (>= 0.3.0)
    pkg-config (1.5.1)
    reline (0.3.2)
      io-console (~> 0.5)
    rmagick (5.1.0)
      pkg-config (~> 1.4)

PLATFORMS
  x86_64-darwin-21

DEPENDENCIES
  debug
  rmagick

BUNDLED WITH
   2.4.1
